GEM
  remote: https://rubygems.org/
  specs:
    mp3info (0.8.5)
      ruby-mp3info (>= 0.8.5)
    ruby-mp3info (0.8.10)
    thrift (0.11.0.0)

PLATFORMS
  ruby

DEPENDENCIES
  mp3info
  thrift

BUNDLED WITH
   2.2.0.rc.1
